GIT
  remote: git://github.com/spree/spree_multi_currency.git
  revision: e16b66c9c22f769236586cb1d4c16f05a7fb2cc0
  branch: master
  specs:
    spree_multi_currency (1.3.0)
      spree_core (~> 2.0.0)

GIT
  remote: git://github.com/spree/spree_related_products.git
  revision: 0fd9cc69a6ff3b84f223365b4223245cc8bcf3b0
  branch: master
  specs:
    spree_related_products (3.2)
      spree_backend (~> 2.0.0)
      spree_core (~> 2.0.0)

GIT
  remote: git://github.com/spree/spree_static_content.git
  revision: a9d17d7fe22b29702662f14ecefb4337fbe5d196
  branch: 2-0-stable
  specs:
    spree_static_content (1.1.0.beta)
      spree_core (~> 2.0.0)

GIT
  remote: git://github.com/vinsol/spree_bank_transfer.git
  revision: 525c42f3b75f1a99f4762c7ccef2fc4a243d108d
  branch: master
  specs:
    spree_bank_transfer (2.0.3)
      spree_core (~> 2.0.3)

GIT
  remote: http://github.com/autotelik/datashift
  revision: e3946791fdd53d196a357b9981277b816eb98ea5
  specs:
    datashift (0.13.0)
      rubyzip
      spreadsheet

GIT
  remote: http://github.com/autotelik/datashift_spree
  revision: d689ec9fcc3f9704e661ae49ab77b933ca747e9d
  specs:
    datashift_spree (0.5.0)
      datashift (>= 0.12.0)
      mechanize

GIT
  remote: https://github.com/spree/spree_auth_devise.git
  revision: c25435bbd9738355c51c5881195416878a4a095d
  branch: 2-0-stable
  specs:
    spree_auth_devise (2.0.0)
      cancan (~> 1.6.7)
      devise (~> 2.2.3)
      devise-encryptable (= 0.1.2)
      spree_backend (~> 2.0.0)
      spree_core (~> 2.0.0)
      spree_frontend (~> 2.0.0)

GIT
  remote: https://github.com/spree/spree_gateway.git
  revision: 47b874c8fc554c9d33318df7fcc8d8f0e7e7d6a8
  branch: 2-0-stable
  specs:
    spree_gateway (2.1.0.beta)
      savon (~> 1.2)
      spree_core (~> 2.0.0)

GEM
  remote: https://rubygems.org/
  specs:
    actionmailer (3.2.13)
      actionpack (= 3.2.13)
      mail (~> 2.5.3)
    actionpack (3.2.13)
      activemodel (= 3.2.13)
      activesupport (= 3.2.13)
      builder (~> 3.0.0)
      erubis (~> 2.7.0)
      journey (~> 1.0.4)
      rack (~> 1.4.5)
      rack-cache (~> 1.2)
      rack-test (~> 0.6.1)
      sprockets (~> 2.2.1)
    active_utils (1.0.5)
      activesupport (>= 2.3.11)
      i18n
    activemerchant (1.34.1)
      active_utils (>= 1.0.2)
      activesupport (>= 2.3.14)
      builder (>= 2.0.0)
      i18n
      json (>= 1.5.1)
      money
      nokogiri (< 1.6.0)
    activemodel (3.2.13)
      activesupport (= 3.2.13)
      builder (~> 3.0.0)
    activerecord (3.2.13)
      activemodel (= 3.2.13)
      activesupport (= 3.2.13)
      arel (~> 3.0.2)
      tzinfo (~> 0.3.29)
    activeresource (3.2.13)
      activemodel (= 3.2.13)
      activesupport (= 3.2.13)
    activesupport (3.2.13)
      i18n (= 0.6.1)
      multi_json (~> 1.0)
    acts_as_list (0.2.0)
      activerecord (>= 3.0)
    addressable (2.3.5)
    akami (1.2.0)
      gyoku (>= 0.4.0)
      nokogiri (>= 1.4.0)
    arel (3.0.2)
    awesome_nested_set (2.1.5)
      activerecord (>= 3.0.0)
    aws-sdk (1.3.9)
      httparty (~> 0.7)
      json (~> 1.4)
      nokogiri (>= 1.4.4)
      uuidtools (~> 2.1)
    bcrypt-ruby (3.1.1)
    builder (3.0.4)
    cancan (1.6.8)
    climate_control (0.0.3)
      activesupport (>= 3.0)
    cocaine (0.5.1)
      climate_control (>= 0.0.3, < 1.0)
    coderay (1.0.7)
    coffee-rails (3.2.2)
      coffee-script (>= 2.2.0)
      railties (~> 3.2.0)
    coffee-script (2.2.0)
      coffee-script-source
      execjs
    coffee-script-source (1.6.3)
    columnize (0.3.6)
    daemons (1.1.9)
    debugger (1.5.0)
      columnize (>= 0.3.1)
      debugger-linecache (~> 1.2.0)
      debugger-ruby_core_source (~> 1.2.0)
    debugger-linecache (1.2.0)
    debugger-ruby_core_source (1.2.0)
    deface (0.9.1)
      nokogiri (~> 1.5.0)
      rails (~> 3.1)
    devise (2.2.4)
      bcrypt-ruby (~> 3.0)
      orm_adapter (~> 0.1)
      railties (~> 3.1)
      warden (~> 1.2.1)
    devise-encryptable (0.1.2)
      devise (>= 2.1.0)
    domain_name (0.5.12)
      unf (>= 0.0.5, < 1.0.0)
    em-websocket (0.3.8)
      addressable (>= 2.1.1)
      eventmachine (>= 0.12.9)
    erubis (2.7.0)
    eventmachine (1.0.0)
    execjs (1.4.0)
      multi_json (~> 1.0)
    ffaker (1.16.2)
    guard (1.6.0)
      listen (>= 0.6.0)
      lumberjack (>= 1.0.2)
      pry (>= 0.9.10)
      thor (>= 0.14.6)
    guard-livereload (1.1.3)
      em-websocket (>= 0.2.0)
      guard (>= 1.5.0)
      multi_json (~> 1.0)
    gyoku (0.4.6)
      builder (>= 2.1.2)
    highline (1.6.18)
    hike (1.2.3)
    http-cookie (1.0.1)
      domain_name (~> 0.5)
    httparty (0.11.0)
      multi_json (~> 1.0)
      multi_xml (>= 0.5.2)
    httpi (1.1.1)
      rack
    i18n (0.6.1)
    journey (1.0.4)
    jquery-fileupload-rails (0.4.1)
      actionpack (>= 3.1)
      railties (>= 3.1)
    jquery-rails (2.2.2)
      railties (>= 3.0, < 5.0)
      thor (>= 0.14, < 2.0)
    json (1.8.0)
    kaminari (0.13.0)
      actionpack (>= 3.0.0)
      activesupport (>= 3.0.0)
      railties (>= 3.0.0)
    listen (0.6.0)
    lumberjack (1.0.2)
    mail (2.5.4)
      mime-types (~> 1.16)
      treetop (~> 1.4.8)
    mechanize (2.7.1)
      domain_name (~> 0.5, >= 0.5.1)
      http-cookie (~> 1.0.0)
      mime-types (~> 1.17, >= 1.17.2)
      net-http-digest_auth (~> 1.1, >= 1.1.1)
      net-http-persistent (~> 2.5, >= 2.5.2)
      nokogiri (~> 1.4)
      ntlm-http (~> 0.1, >= 0.1.1)
      webrobots (>= 0.0.9, < 0.2)
    method_source (0.8)
    mime-types (1.23)
    money (5.1.1)
      i18n (~> 0.6.0)
    multi_json (1.7.7)
    multi_xml (0.5.4)
    net-http-digest_auth (1.4)
    net-http-persistent (2.9)
    nokogiri (1.5.10)
    nori (1.1.5)
    ntlm-http (0.1.1)
    orm_adapter (0.4.0)
    paperclip (3.4.2)
      activemodel (>= 3.0.0)
      activerecord (>= 3.0.0)
      activesupport (>= 3.0.0)
      cocaine (~> 0.5.0)
      mime-types
    pg (0.15.1)
    polyamorous (0.5.0)
      activerecord (~> 3.0)
    polyglot (0.3.3)
    pry (0.9.10)
      coderay (~> 1.0.5)
      method_source (~> 0.8)
      slop (~> 3.3.1)
    pry-debugger (0.2.2)
      debugger (~> 1.3)
      pry (~> 0.9.10)
    rabl (0.8.4)
      activesupport (>= 2.3.14)
    rack (1.4.5)
    rack-cache (1.2)
      rack (>= 0.4)
    rack-livereload (0.3.13)
      rack
    rack-ssl (1.3.3)
      rack
    rack-test (0.6.2)
      rack (>= 1.0)
    rails (3.2.13)
      actionmailer (= 3.2.13)
      actionpack (= 3.2.13)
      activerecord (= 3.2.13)
      activeresource (= 3.2.13)
      activesupport (= 3.2.13)
      bundler (~> 1.0)
      railties (= 3.2.13)
    railties (3.2.13)
      actionpack (= 3.2.13)
      activesupport (= 3.2.13)
      rack-ssl (~> 1.3.2)
      rake (>= 0.8.7)
      rdoc (~> 3.4)
      thor (>= 0.14.6, < 2.0)
    rake (10.1.0)
    ransack (0.7.2)
      actionpack (~> 3.0)
      activerecord (~> 3.0)
      polyamorous (~> 0.5.0)
    rdoc (3.12.2)
      json (~> 1.4)
    ruby-ole (1.2.11.7)
    rubyzip (0.9.9)
    sass (3.2.9)
    sass-rails (3.2.6)
      railties (~> 3.2.0)
      sass (>= 3.1.10)
      tilt (~> 1.3)
    savon (1.2.0)
      akami (~> 1.2.0)
      builder (>= 2.1.2)
      gyoku (~> 0.4.5)
      httpi (~> 1.1.0)
      nokogiri (>= 1.4.0)
      nori (~> 1.1.0)
      wasabi (~> 2.5.0)
    select2-rails (3.2.1)
      thor (~> 0.14)
    slop (3.3.3)
    spreadsheet (0.8.7)
      ruby-ole (>= 1.0)
    spree (2.0.3)
      spree_api (= 2.0.3)
      spree_backend (= 2.0.3)
      spree_cmd (= 2.0.3)
      spree_core (= 2.0.3)
      spree_frontend (= 2.0.3)
      spree_sample (= 2.0.3)
    spree_api (2.0.3)
      rabl (= 0.8.4)
      spree_core (= 2.0.3)
      versioncake (= 1.0.0)
    spree_backend (2.0.3)
      deface (>= 0.9.0)
      jquery-rails (~> 2.0)
      rails (~> 3.2.8)
      select2-rails (= 3.2.1)
      spree_api (= 2.0.3)
      spree_core (= 2.0.3)
    spree_cmd (2.0.3)
      thor (>= 0.14.6)
    spree_core (2.0.3)
      activemerchant (~> 1.31)
      acts_as_list (= 0.2.0)
      awesome_nested_set (= 2.1.5)
      aws-sdk (~> 1.3.4)
      cancan (= 1.6.8)
      deface (>= 0.9.0)
      ffaker (~> 1.16.1)
      highline (= 1.6.18)
      httparty (~> 0.11)
      json (>= 1.7.7)
      kaminari (= 0.13.0)
      money (= 5.1.1)
      paperclip (~> 3.4.1)
      rails (~> 3.2.13)
      ransack (= 0.7.2)
      state_machine (= 1.2.0)
      stringex (~> 1.5.1)
      truncate_html (= 0.9.2)
    spree_frontend (2.0.3)
      deface (>= 0.9.0)
      jquery-rails (~> 2.2.1)
      rails (~> 3.2.13)
      select2-rails (= 3.2.1)
      spree_api (= 2.0.3)
      spree_core (= 2.0.3)
      stringex (~> 1.5.1)
    spree_sample (2.0.3)
      spree_core (= 2.0.3)
    sprockets (2.2.2)
      hike (~> 1.2)
      multi_json (~> 1.0)
      rack (~> 1.0)
      tilt (~> 1.1, != 1.3.0)
    sqlite3 (1.3.7)
    state_machine (1.2.0)
    stringex (1.5.1)
    thin (1.5.0)
      daemons (>= 1.0.9)
      eventmachine (>= 0.12.6)
      rack (>= 1.0.0)
    thor (0.18.1)
    tilt (1.4.1)
    treetop (1.4.14)
      polyglot
      polyglot (>= 0.3.1)
    truncate_html (0.9.2)
    tzinfo (0.3.37)
    uglifier (2.1.2)
      execjs (>= 0.3.0)
      multi_json (~> 1.0, >= 1.0.2)
    unf (0.1.1)
      unf_ext
    unf_ext (0.0.6)
    uuidtools (2.1.4)
    versioncake (1.0.0)
      actionpack (>= 3.0)
      activesupport (>= 3.0)
      railties (>= 3.0)
    warden (1.2.3)
      rack (>= 1.0)
    wasabi (2.5.1)
      httpi (~> 1.0)
      nokogiri (>= 1.4.0)
    webrobots (0.1.1)
    yaml_db (0.2.3)

PLATFORMS
  ruby

DEPENDENCIES
  coffee-rails (~> 3.2.1)
  datashift!
  datashift_spree!
  debugger
  guard-livereload
  jquery-fileupload-rails
  jquery-rails
  pg
  pry
  pry-debugger
  rack-livereload
  rails (= 3.2.13)
  sass-rails (~> 3.2.3)
  spree (= 2.0.3)
  spree_auth_devise!
  spree_bank_transfer!
  spree_gateway!
  spree_multi_currency!
  spree_related_products!
  spree_static_content!
  sqlite3
  thin
  uglifier (>= 1.0.3)
  yaml_db
